PATH
  remote: .
  specs:
    clone (1.0.0.alpha)
      commander

GEM
  remote: http://rubygems.org/
  specs:
    commander (4.1.6)
      highline (~> 1.6.11)
    highline (1.6.21)
    rake (10.3.1)

PLATFORMS
  ruby

DEPENDENCIES
  bundler
  clone!
  rake
