PATH
  remote: .
  specs:
    clone (1.0.0.alpha)

GEM
  remote: http://rubygems.org/
  specs:
    rake (10.3.1)

PLATFORMS
  ruby

DEPENDENCIES
  bundler
  clone!
  rake
